PATH
  remote: .
  specs:
    ynab (3.0.0)
      typhoeus (~> 1.0, >= 1.0.1)

GEM
  remote: https://rubygems.org/
  specs:
    diff-lcs (1.3)
    ethon (0.16.0)
      ffi (>= 1.15.0)
    ffi (1.15.5)
    rake (13.0.1)
    rspec (3.8.0)
      rspec-core (~> 3.8.0)
      rspec-expectations (~> 3.8.0)
      rspec-mocks (~> 3.8.0)
    rspec-core (3.8.0)
      rspec-support (~> 3.8.0)
    rspec-expectations (3.8.2)
      diff-lcs (>= 1.2.0, < 2.0)
      rspec-support (~> 3.8.0)
    rspec-mocks (3.8.0)
      diff-lcs (>= 1.2.0, < 2.0)
      rspec-support (~> 3.8.0)
    rspec-support (3.8.0)
    typhoeus (1.4.0)
      ethon (>= 0.9.0)
    vcr (6.2.0)

PLATFORMS
  ruby

DEPENDENCIES
  rake (>= 12.3.3)
  rspec (~> 3.6, >= 3.6.0)
  vcr (>= 3.0.3)
  ynab!

BUNDLED WITH
   2.4.19
